GEM
  remote: https://rubygems.org/
  specs:
    bubble-wrap (1.1.4)
    columnize (0.3.6)
    debugger (1.2.0)
      columnize (>= 0.3.1)
      debugger-linecache (~> 1.1.1)
      debugger-ruby_core_source (~> 1.1.3)
    debugger-linecache (1.1.2)
      debugger-ruby_core_source (>= 1.1.1)
    debugger-ruby_core_source (1.1.3)
    guard (1.4.0)
      listen (>= 0.4.2)
      thor (>= 0.14.6)
    guard-motion (0.1.1)
      guard (>= 1.1.0)
      rake (>= 0.9)
    listen (0.5.3)
    motion-redgreen (0.1.0)
    motion-testflight (1.3)
    rake (0.9.2.2)
    rb-fsevent (0.9.1)
    sugarcube (0.9.4)
    thor (0.16.0)

PLATFORMS
  ruby

DEPENDENCIES
  bubble-wrap
  debugger
  guard-motion
  motion-redgreen
  motion-testflight
  rake
  rb-fsevent (~> 0.9.1)
  sugarcube
